PATH
  remote: .
  specs:
    highlighting (0.1.0)

GEM
  remote: https://rubygems.org/
  specs:
    command_line (2.0.1)
    power_assert (2.0.0)
    rake (13.0.6)
    test-unit (3.4.4)
      power_assert

PLATFORMS
  arm64-darwin-20

DEPENDENCIES
  command_line
  highlighting!
  rake (~> 13.0)
  test-unit (~> 3.0)

BUNDLED WITH
   2.2.25
